GEM
  remote: https://rubygems.org/
  specs:
    activemodel (5.2.0)
      activesupport (= 5.2.0)
    activerecord (5.2.0)
      activemodel (= 5.2.0)
      activesupport (= 5.2.0)
      arel (>= 9.0)
    activesupport (5.2.0)
      concurrent-ruby (~> 1.0, >= 1.0.2)
      i18n (>= 0.7, < 2)
      minitest (~> 5.1)
      tzinfo (~> 1.1)
    arel (9.0.0)
    concurrent-ruby (1.0.5)
    erubis (2.7.0)
    http_router (0.11.2)
      rack (>= 1.0.0)
      url_mount (~> 0.2.1)
    i18n (0.9.5)
      concurrent-ruby (~> 1.0)
    mail (2.7.0)
      mini_mime (>= 0.1.1)
    mime-types (2.99.3)
    mini_mime (1.0.0)
    minitest (5.11.3)
    moneta (0.7.20)
    mustermann (1.0.2)
    padrino (0.12.9)
      padrino-admin (= 0.12.9)
      padrino-cache (= 0.12.9)
      padrino-core (= 0.12.9)
      padrino-gen (= 0.12.9)
      padrino-helpers (= 0.12.9)
      padrino-mailer (= 0.12.9)
      padrino-support (= 0.12.9)
    padrino-admin (0.12.9)
      padrino-core (= 0.12.9)
      padrino-helpers (= 0.12.9)
    padrino-cache (0.12.9)
      moneta (~> 0.7.0)
      padrino-core (= 0.12.9)
      padrino-helpers (= 0.12.9)
    padrino-core (0.12.9)
      activesupport (>= 3.1)
      http_router (~> 0.11.0)
      padrino-support (= 0.12.9)
      rack-protection (>= 1.5.0)
      sinatra (>= 1.4.6)
      thor (~> 0.18)
    padrino-gen (0.12.9)
      bundler (~> 1.0)
      padrino-core (= 0.12.9)
    padrino-helpers (0.12.9)
      i18n (~> 0.6, >= 0.6.7)
      padrino-support (= 0.12.9)
      tilt (>= 1.4.1, < 3)
    padrino-mailer (0.12.9)
      mail (~> 2.5)
      mime-types (< 3)
      padrino-core (= 0.12.9)
    padrino-support (0.12.9)
      activesupport (>= 3.1)
    pg (0.18.1)
    rack (2.0.5)
    rack-protection (2.0.3)
      rack
    rack-test (1.0.0)
      rack (>= 1.0, < 3)
    rake (10.4.2)
    sass (3.4.13)
    sinatra (2.0.3)
      mustermann (~> 1.0)
      rack (~> 2.0)
      rack-protection (= 2.0.3)
      tilt (~> 2.0)
    thor (0.20.0)
    thread_safe (0.3.6)
    tilt (2.0.8)
    tzinfo (1.2.5)
      thread_safe (~> 0.1)
    url_mount (0.2.1)
      rack

PLATFORMS
  ruby

DEPENDENCIES
  activerecord (>= 4.2.7.1)
  erubis (~> 2.7.0)
  minitest
  padrino (= 0.12.9)
  pg
  rack-test (>= 0.6.3)
  rake
  sass

BUNDLED WITH
   1.16.1
